GEM
  remote: https://rubygems.org/
  specs:
    concurrent-ruby (1.2.2)
    minitest (5.18.0)
    rake (13.0.6)
    websocket-driver (0.7.5)
      websocket-extensions (>= 0.1.0)
    websocket-extensions (0.1.5)

PLATFORMS
  ruby

DEPENDENCIES
  concurrent-ruby
  minitest
  rake
  websocket-driver

BUNDLED WITH
   2.2.28
