GEM
  remote: https://rubygems.org/
  specs:
    concurrent-ruby (1.2.2)
    mini_portile2 (2.8.2)
    minitest (5.18.0)
    rake (13.0.6)
    sequel (5.68.0)
    sqlite3 (1.6.2)
      mini_portile2 (~> 2.8.0)
    websocket-driver (0.7.5)
      websocket-extensions (>= 0.1.0)
    websocket-extensions (0.1.5)

PLATFORMS
  ruby

DEPENDENCIES
  concurrent-ruby
  minitest
  rake
  sequel
  sqlite3
  websocket-driver

BUNDLED WITH
   2.2.28
